GIT
  remote: git://github.com/camping/camping.git
  revision: 91b52da17cd8aa45f967f5f953e4e90f58780aa2
  specs:
    camping (2.1.570)
      mab (>= 0.0.3)
      rack (>= 1.0)

GEM
  remote: https://rubygems.org/
  specs:
    RedCloth (4.2.9)
    activemodel (4.1.1)
      activesupport (= 4.1.1)
      builder (~> 3.1)
    activerecord (4.1.1)
      activemodel (= 4.1.1)
      activesupport (= 4.1.1)
      arel (~> 5.0.0)
    activesupport (4.1.1)
      i18n (~> 0.6, >= 0.6.9)
      json (~> 1.7, >= 1.7.7)
      minitest (~> 5.1)
      thread_safe (~> 0.1)
      tzinfo (~> 1.1)
    arel (5.0.1.20140414130214)
    builder (3.2.2)
    coderay (1.1.0)
    i18n (0.6.9)
    json (1.8.1)
    mab (0.0.3)
    minitest (5.3.4)
    rack (1.5.2)
    sqlite3 (1.3.9)
    thread_safe (0.3.3)
    tzinfo (1.1.0)
      thread_safe (~> 0.1)

PLATFORMS
  ruby

DEPENDENCIES
  RedCloth
  activerecord
  camping!
  coderay
  sqlite3
